GEM
  remote: http://rubygems.org/
  specs:
    fakeweb (1.3.0)
    nokogiri (1.4.3.1)
    rspec (1.3.0)

PLATFORMS
  ruby

DEPENDENCIES
  fakeweb (= 1.3.0)
  nokogiri (= 1.4.3.1)
  rspec (= 1.3.0)
