PATH
  remote: .
  specs:
    pickem (0.1.0)
      nokogiri
      terminal-table

GEM
  remote: http://rubygems.org/
  specs:
    addressable (2.3.2)
    crack (0.3.1)
    diff-lcs (1.2.4)
    nokogiri (1.5.0)
    rspec (2.14.1)
      rspec-core (~> 2.14.0)
      rspec-expectations (~> 2.14.0)
      rspec-mocks (~> 2.14.0)
    rspec-core (2.14.5)
    rspec-expectations (2.14.2)
      diff-lcs (>= 1.1.3, < 2.0)
    rspec-mocks (2.14.3)
    terminal-table (1.4.5)
    vcr (2.5.0)
    webmock (1.8.11)
      addressable (>= 2.2.7)
      crack (>= 0.1.7)

PLATFORMS
  ruby

DEPENDENCIES
  pickem!
  rspec
  vcr
  webmock (~> 1.8.0)
