GEM
  remote: http://rubygems.org/
  specs:
    nokogiri (1.4.3.1)
    rspec (1.3.0)

PLATFORMS
  ruby

DEPENDENCIES
  nokogiri (= 1.4.3.1)
  rspec (= 1.3.0)
