PATH
  remote: .
  specs:
    pickem (0.0.1)
      activerecord (~> 3.2.0)
      nokogiri
      ri_cal
      terminal-table
      thor

GEM
  remote: http://rubygems.org/
  specs:
    activemodel (3.2.8)
      activesupport (= 3.2.8)
      builder (~> 3.0.0)
    activerecord (3.2.8)
      activemodel (= 3.2.8)
      activesupport (= 3.2.8)
      arel (~> 3.0.2)
      tzinfo (~> 0.3.29)
    activesupport (3.2.8)
      i18n (~> 0.6)
      multi_json (~> 1.0)
    addressable (2.3.2)
    arel (3.0.2)
    builder (3.0.3)
    crack (0.3.1)
    diff-lcs (1.1.3)
    i18n (0.6.1)
    multi_json (1.3.6)
    nokogiri (1.5.0)
    ri_cal (0.8.8)
    rspec (2.11.0)
      rspec-core (~> 2.11.0)
      rspec-expectations (~> 2.11.0)
      rspec-mocks (~> 2.11.0)
    rspec-core (2.11.1)
    rspec-expectations (2.11.3)
      diff-lcs (~> 1.1.3)
    rspec-mocks (2.11.2)
    terminal-table (1.4.3)
    thor (0.14.6)
    tzinfo (0.3.33)
    vcr (2.2.5)
    webmock (1.8.10)
      addressable (>= 2.2.7)
      crack (>= 0.1.7)

PLATFORMS
  ruby

DEPENDENCIES
  pickem!
  rspec
  vcr
  webmock
